GEM
  remote: https://rubygems.org/
  specs:
    awesome_print (1.6.1)
    dotenv (2.5.0)
    faraday (0.15.2)
      multipart-post (>= 1.2, < 3)
    multipart-post (2.0.0)
    oj (3.3.9)

PLATFORMS
  ruby

DEPENDENCIES
  awesome_print
  dotenv
  faraday
  oj

BUNDLED WITH
   1.15.4
